GIT
  remote: git://github.com/indirect/jquery-rails.git
  revision: e0767e318a54f4bbe46b4e2ee0f35ef2f2fb2c27
  tag: v0.2.3
  specs:
    jquery-rails (0.2.3)
      rails (~> 3.0)

GIT
  remote: git://github.com/josevalim/inherited_resources.git
  revision: 2707d5e8687a533f5bfae7ca89796e8e9d6fe9b4
  specs:
    inherited_resources (1.1.2)
      has_scope (~> 0.5.0)
      responders (~> 0.6.0)

GIT
  remote: git://github.com/mislav/will_paginate.git
  revision: b1a5beeec9f56ecbe3594fcdca76d92b6767ce50
  branch: rails3
  specs:
    will_paginate (3.0.pre3)

GIT
  remote: git://github.com/mongoid/mongoid.git
  revision: b1080cda54d32d3bc18e008867b33b82d64fb55b
  specs:
    mongoid (2.0.0.beta.19)
      activemodel (~> 3.0)
      mongo (~> 1.1)
      tzinfo (~> 0.3.22)
      will_paginate (~> 3.0.pre)

GIT
  remote: git://github.com/pilu/web-app-theme.git
  revision: 57e0db4d1cb39a8328bacb80af54a61c8c1a1f0d
  specs:
    web-app-theme (0.6.2)

GIT
  remote: git://github.com/plataformatec/show_for.git
  revision: 4e5ebb082ccd4928d06696083f0f45a620906f1e
  specs:
    show_for (0.2.3)

GIT
  remote: git://github.com/plataformatec/simple_form.git
  revision: fdecf95988bb33f83011f0a2eb49f710c6498122
  specs:
    simple_form (1.2.2)

GEM
  remote: http://rubygems.org/
  specs:
    abstract (1.0.0)
    actionmailer (3.0.1)
      actionpack (= 3.0.1)
      mail (~> 2.2.5)
    actionpack (3.0.1)
      activemodel (= 3.0.1)
      activesupport (= 3.0.1)
      builder (~> 2.1.2)
      erubis (~> 2.6.6)
      i18n (~> 0.4.1)
      rack (~> 1.2.1)
      rack-mount (~> 0.6.12)
      rack-test (~> 0.5.4)
      tzinfo (~> 0.3.23)
    activemodel (3.0.1)
      activesupport (= 3.0.1)
      builder (~> 2.1.2)
      i18n (~> 0.4.1)
    activerecord (3.0.1)
      activemodel (= 3.0.1)
      activesupport (= 3.0.1)
      arel (~> 1.0.0)
      tzinfo (~> 0.3.23)
    activeresource (3.0.1)
      activemodel (= 3.0.1)
      activesupport (= 3.0.1)
    activesupport (3.0.1)
    arel (1.0.1)
      activesupport (~> 3.0.0)
    bartt-ssl_requirement (1.2.3)
    bcrypt-ruby (2.1.2)
    bson (1.1.1)
    bson_ext (1.1.1)
    builder (2.1.2)
    capistrano (2.5.19)
      highline
      net-scp (>= 1.0.0)
      net-sftp (>= 2.0.0)
      net-ssh (>= 2.0.14)
      net-ssh-gateway (>= 1.0.0)
    capistrano-ext (1.2.1)
      capistrano (>= 1.0.0)
    database_cleaner (0.5.2)
    devise (1.1.3)
      bcrypt-ruby (~> 2.1.2)
      warden (~> 0.10.7)
    diff-lcs (1.1.2)
    erubis (2.6.6)
      abstract (>= 1.0.0)
    fabrication (0.9.0)
    faker (0.3.1)
    haml (3.0.21)
    has_scope (0.5.0)
    highline (1.6.1)
    hpricot (0.8.2)
    i18n (0.4.1)
    machinist (1.0.6)
    mail (2.2.7)
      activesupport (>= 2.3.6)
      mime-types
      treetop (>= 1.4.5)
    mime-types (1.16)
    mongo (1.1.1)
      bson (>= 1.1.1)
    net-scp (1.0.4)
      net-ssh (>= 1.99.1)
    net-sftp (2.0.5)
      net-ssh (>= 2.0.9)
    net-ssh (2.0.23)
    net-ssh-gateway (1.0.1)
      net-ssh (>= 1.99.1)
    pg (0.9.0)
    polyglot (0.3.1)
    rack (1.2.1)
    rack-mount (0.6.13)
      rack (>= 1.0.0)
    rack-test (0.5.6)
      rack (>= 1.0)
    rails (3.0.1)
      actionmailer (= 3.0.1)
      actionpack (= 3.0.1)
      activerecord (= 3.0.1)
      activeresource (= 3.0.1)
      activesupport (= 3.0.1)
      bundler (~> 1.0.0)
      railties (= 3.0.1)
    railties (3.0.1)
      actionpack (= 3.0.1)
      activesupport (= 3.0.1)
      rake (>= 0.8.4)
      thor (~> 0.14.0)
    rake (0.8.7)
    responders (0.6.2)
    rspec (2.0.0)
      rspec-core (= 2.0.0)
      rspec-expectations (= 2.0.0)
      rspec-mocks (= 2.0.0)
    rspec-core (2.0.0)
    rspec-expectations (2.0.0)
      diff-lcs (>= 1.1.2)
    rspec-mocks (2.0.0)
      rspec-core (= 2.0.0)
      rspec-expectations (= 2.0.0)
    rspec-rails (2.0.1)
      rspec (~> 2.0.0)
    ruby_parser (2.0.5)
      sexp_processor (~> 3.0)
    sexp_processor (3.0.5)
    sqlite3-ruby (1.3.1)
    thor (0.14.3)
    treetop (1.4.8)
      polyglot (>= 0.3.1)
    tzinfo (0.3.23)
    unicorn (1.1.4)
      rack
    uuidtools (2.1.1)
    warden (0.10.7)
      rack (>= 1.0.0)

PLATFORMS
  ruby

DEPENDENCIES
  bartt-ssl_requirement
  bson_ext
  capistrano
  capistrano-ext
  database_cleaner
  devise
  fabrication
  faker
  haml
  hpricot
  inherited_resources!
  jquery-rails!
  machinist
  mongoid!
  pg
  rails (= 3.0.1)
  rspec-rails
  ruby_parser
  show_for!
  simple_form!
  sqlite3-ruby
  unicorn
  uuidtools
  web-app-theme!
  will_paginate!
